PATH
  remote: .
  specs:
    mayu-signals (0.0.1)

GEM
  remote: https://rubygems.org/
  specs:
    ast (2.4.2)
    coderay (1.1.3)
    diff-lcs (1.5.0)
    haml (6.1.1)
      temple (>= 0.8.2)
      thor
      tilt
    method_source (1.0.0)
    minitest (5.17.0)
    minitest-hooks (1.5.0)
      minitest (> 5.3)
    netrc (0.11.0)
    parallel (1.22.1)
    parser (3.2.0.0)
      ast (~> 2.4.1)
    prettier_print (1.2.0)
    pry (0.14.2)
      coderay (~> 1.1)
      method_source (~> 1.0)
    rake (13.0.6)
    rbi (0.0.16)
      ast
      parser (>= 2.6.4.0)
      sorbet-runtime (>= 0.5.9204)
      unparser
    rbs (2.8.3)
    sorbet (0.5.10626)
      sorbet-static (= 0.5.10626)
    sorbet-runtime (0.5.10626)
    sorbet-static (0.5.10626-universal-darwin-20)
    sorbet-static-and-runtime (0.5.10626)
      sorbet (= 0.5.10626)
      sorbet-runtime (= 0.5.10626)
    spoom (1.1.15)
      sorbet (>= 0.5.10187)
      sorbet-runtime (>= 0.5.9204)
      thor (>= 0.19.2)
    syntax_tree (5.2.0)
      prettier_print (>= 1.2.0)
    syntax_tree-haml (3.0.0)
      haml (>= 5.2, != 6.0.0)
      prettier_print (>= 1.0.0)
      syntax_tree (>= 5.0.1)
    syntax_tree-rbs (0.5.1)
      prettier_print
      rbs
      syntax_tree (>= 2.0.1)
    tapioca (0.10.5)
      bundler (>= 1.17.3)
      netrc (>= 0.11.0)
      parallel (>= 1.21.0)
      rbi (~> 0.0.0, >= 0.0.16)
      sorbet-static-and-runtime (>= 0.5.10187)
      spoom (~> 1.1.0, >= 1.1.11)
      thor (>= 1.2.0)
      yard-sorbet
    temple (0.9.1)
    thor (1.2.1)
    tilt (2.0.11)
    unparser (0.6.7)
      diff-lcs (~> 1.3)
      parser (>= 3.2.0)
    webrick (1.7.0)
    yard (0.9.28)
      webrick (~> 1.7.0)
    yard-sorbet (0.8.0)
      sorbet-runtime (>= 0.5)
      yard (>= 0.9)

PLATFORMS
  x86_64-darwin-20

DEPENDENCIES
  mayu-signals!
  minitest-hooks (~> 1.5)
  prettier_print (~> 1.2)
  pry (~> 0.14.2)
  rake (~> 13.0)
  sorbet
  sorbet-runtime
  syntax_tree (~> 5.2)
  syntax_tree-haml (~> 3.0)
  syntax_tree-rbs (~> 0.5.1)
  tapioca

BUNDLED WITH
   2.4.3
