PATH
  remote: .
  specs:
    mayu-signals (0.0.1)

GEM
  remote: https://rubygems.org/
  specs:
    ast (2.4.2)
    coderay (1.1.3)
    diff-lcs (1.5.0)
    method_source (1.0.0)
    minitest (5.17.0)
    minitest-hooks (1.5.0)
      minitest (> 5.3)
    netrc (0.11.0)
    parallel (1.22.1)
    parser (3.2.0.0)
      ast (~> 2.4.1)
    pry (0.14.2)
      coderay (~> 1.1)
      method_source (~> 1.0)
    rake (13.0.6)
    rbi (0.0.16)
      ast
      parser (>= 2.6.4.0)
      sorbet-runtime (>= 0.5.9204)
      unparser
    sorbet (0.5.10626)
      sorbet-static (= 0.5.10626)
    sorbet-runtime (0.5.10626)
    sorbet-static (0.5.10626-universal-darwin-20)
    sorbet-static-and-runtime (0.5.10626)
      sorbet (= 0.5.10626)
      sorbet-runtime (= 0.5.10626)
    spoom (1.1.15)
      sorbet (>= 0.5.10187)
      sorbet-runtime (>= 0.5.9204)
      thor (>= 0.19.2)
    tapioca (0.10.5)
      bundler (>= 1.17.3)
      netrc (>= 0.11.0)
      parallel (>= 1.21.0)
      rbi (~> 0.0.0, >= 0.0.16)
      sorbet-static-and-runtime (>= 0.5.10187)
      spoom (~> 1.1.0, >= 1.1.11)
      thor (>= 1.2.0)
      yard-sorbet
    thor (1.2.1)
    unparser (0.6.7)
      diff-lcs (~> 1.3)
      parser (>= 3.2.0)
    webrick (1.7.0)
    yard (0.9.28)
      webrick (~> 1.7.0)
    yard-sorbet (0.8.0)
      sorbet-runtime (>= 0.5)
      yard (>= 0.9)

PLATFORMS
  x86_64-darwin-20

DEPENDENCIES
  mayu-signals!
  minitest-hooks
  pry
  rake (~> 13.0)
  sorbet
  sorbet-runtime
  tapioca

BUNDLED WITH
   2.4.3
