PATH
  remote: .
  specs:
    mayu-signals (0.0.1)

GEM
  remote: https://rubygems.org/
  specs:
    coderay (1.1.3)
    haml (6.1.1)
      temple (>= 0.8.2)
      thor
      tilt
    method_source (1.0.0)
    minitest (5.17.0)
    minitest-hooks (1.5.0)
      minitest (> 5.3)
    prettier_print (1.2.0)
    pry (0.14.2)
      coderay (~> 1.1)
      method_source (~> 1.0)
    rake (13.0.6)
    rbs (2.8.3)
    syntax_tree (5.2.0)
      prettier_print (>= 1.2.0)
    syntax_tree-haml (3.0.0)
      haml (>= 5.2, != 6.0.0)
      prettier_print (>= 1.0.0)
      syntax_tree (>= 5.0.1)
    syntax_tree-rbs (0.5.1)
      prettier_print
      rbs
      syntax_tree (>= 2.0.1)
    temple (0.9.1)
    thor (1.2.1)
    tilt (2.0.11)

PLATFORMS
  x86_64-darwin-20

DEPENDENCIES
  mayu-signals!
  minitest-hooks (~> 1.5)
  prettier_print (~> 1.2)
  pry (~> 0.14.2)
  rake (~> 13.0)
  syntax_tree (~> 5.2)
  syntax_tree-haml (~> 3.0)
  syntax_tree-rbs (~> 0.5.1)

BUNDLED WITH
   2.4.3
